PATH
  remote: .
  specs:
    pickwick-workers (0.0.1)
      faraday
      multi_json
      nokogiri
      oj
      rubyzip
      sidekiq (~> 2.17)
      sidetiq
      unicode_utils

GEM
  remote: https://rubygems.org/
  specs:
    addressable (2.3.5)
    ansi (1.4.3)
    celluloid (0.15.2)
      timers (~> 1.1.0)
    coderay (1.1.0)
    connection_pool (1.2.0)
    crack (0.4.1)
      safe_yaml (~> 0.9.0)
    docile (1.1.1)
    faraday (0.8.8)
      multipart-post (~> 1.2.0)
    ice_cube (0.11.1)
    json (1.8.1)
    metaclass (0.0.1)
    method_source (0.8.2)
    mini_portile (0.5.2)
    mocha (0.14.0)
      metaclass (~> 0.0.1)
    multi_json (1.8.2)
    multipart-post (1.2.0)
    nokogiri (1.6.1)
      mini_portile (~> 0.5.0)
    oj (2.5.3)
    pry (0.9.12.4)
      coderay (~> 1.0)
      method_source (~> 0.8)
      slop (~> 3.4)
    rake (10.1.0)
    redis (3.0.6)
    redis-namespace (1.4.1)
      redis (~> 3.0.4)
    rubyzip (1.1.0)
    safe_yaml (0.9.5)
    shoulda-context (1.1.6)
    sidekiq (2.17.2)
      celluloid (>= 0.15.2)
      connection_pool (>= 1.0.0)
      json
      redis (>= 3.0.6)
      redis-namespace (>= 1.3.1)
    sidetiq (0.5.0)
      celluloid (>= 0.14.1)
      ice_cube (~> 0.11.0)
      sidekiq (>= 2.16.0)
    simplecov (0.8.2)
      docile (~> 1.1.0)
      multi_json
      simplecov-html (~> 0.8.0)
    simplecov-html (0.8.0)
    slop (3.4.7)
    timers (1.1.0)
    turn (0.9.6)
      ansi
    unicode_utils (1.4.0)
    vcr (2.8.0)
    webmock (1.13.0)
      addressable (>= 2.2.7)
      crack (>= 0.3.2)

PLATFORMS
  ruby

DEPENDENCIES
  bundler (~> 1.3)
  mocha
  pickwick-workers!
  pry
  rake
  shoulda-context
  simplecov
  turn
  vcr
  webmock
