PATH
  remote: .
  specs:
    pickwick-workers (0.0.1)
      sidekiq (~> 2.17)

GEM
  remote: https://rubygems.org/
  specs:
    ansi (1.4.3)
    celluloid (0.15.2)
      timers (~> 1.1.0)
    coderay (1.1.0)
    connection_pool (1.2.0)
    docile (1.1.1)
    json (1.8.1)
    metaclass (0.0.1)
    method_source (0.8.2)
    mocha (0.14.0)
      metaclass (~> 0.0.1)
    multi_json (1.8.2)
    pry (0.9.12.4)
      coderay (~> 1.0)
      method_source (~> 0.8)
      slop (~> 3.4)
    rake (10.1.0)
    redis (3.0.6)
    redis-namespace (1.4.1)
      redis (~> 3.0.4)
    shoulda-context (1.1.6)
    sidekiq (2.17.0)
      celluloid (>= 0.15.2)
      connection_pool (>= 1.0.0)
      json
      redis (>= 3.0.4)
      redis-namespace (>= 1.3.1)
    simplecov (0.8.2)
      docile (~> 1.1.0)
      multi_json
      simplecov-html (~> 0.8.0)
    simplecov-html (0.8.0)
    slop (3.4.7)
    timers (1.1.0)
    turn (0.9.6)
      ansi
    vcr (2.8.0)

PLATFORMS
  ruby

DEPENDENCIES
  bundler (~> 1.3)
  mocha
  pickwick-workers!
  pry
  rake
  shoulda-context
  simplecov
  turn
  vcr
