PATH
  remote: .
  specs:
    pickwick-workers (0.0.1)
      faraday
      multi_json
      nokogiri
      oj
      rubyzip
      sidekiq
      sidekiq-cron
      sidekiq-failures
      sidekiq-limit_fetch
      sidekiq-throttler
      sinatra
      unicode_utils

GEM
  remote: https://rubygems.org/
  specs:
    activesupport (3.2.16)
      i18n (~> 0.6, >= 0.6.4)
      multi_json (~> 1.0)
    addressable (2.3.5)
    ansi (1.4.3)
    atomic (1.1.14)
    celluloid (0.15.2)
      timers (~> 1.1.0)
    coderay (1.1.0)
    connection_pool (1.2.0)
    crack (0.4.1)
      safe_yaml (~> 0.9.0)
    docile (1.1.1)
    faraday (0.8.9)
      multipart-post (~> 1.2.0)
    geocoder (1.1.9)
    i18n (0.6.9)
    json (1.8.1)
    metaclass (0.0.1)
    method_source (0.8.2)
    mini_portile (0.5.2)
    mocha (0.14.0)
      metaclass (~> 0.0.1)
    multi_json (1.8.4)
    multipart-post (1.2.0)
    nokogiri (1.6.1)
      mini_portile (~> 0.5.0)
    oj (2.5.3)
    pry (0.9.12.4)
      coderay (~> 1.0)
      method_source (~> 0.8)
      slop (~> 3.4)
    rack (1.5.2)
    rack-protection (1.5.1)
      rack
    rake (10.1.0)
    redis (3.0.6)
    redis-namespace (1.4.1)
      redis (~> 3.0.4)
    rubyzip (1.1.0)
    rufus-scheduler (3.0.3)
      tzinfo
    safe_yaml (0.9.5)
    shoulda-context (1.1.6)
    sidekiq (2.17.2)
      celluloid (>= 0.15.2)
      connection_pool (>= 1.0.0)
      json
      redis (>= 3.0.6)
      redis-namespace (>= 1.3.1)
    sidekiq-cron (0.1.8)
      rufus-scheduler (>= 2.0.24)
      sidekiq (>= 2.16.0)
    sidekiq-failures (0.3.0)
      sidekiq (>= 2.14.0)
    sidekiq-limit_fetch (1.7)
      sidekiq (>= 2.6.5, < 3)
    sidekiq-throttler (0.3.1)
      activesupport
      sidekiq (>= 2.5, < 3.0)
    simplecov (0.8.2)
      docile (~> 1.1.0)
      multi_json
      simplecov-html (~> 0.8.0)
    simplecov-html (0.8.0)
    sinatra (1.4.4)
      rack (~> 1.4)
      rack-protection (~> 1.4)
      tilt (~> 1.3, >= 1.3.4)
    slop (3.4.7)
    thread_safe (0.1.3)
      atomic
    tilt (1.4.1)
    timers (1.1.0)
    turn (0.9.6)
      ansi
    tzinfo (1.1.0)
      thread_safe (~> 0.1)
    unicode_utils (1.4.0)
    vcr (2.8.0)
    webmock (1.13.0)
      addressable (>= 2.2.7)
      crack (>= 0.3.2)

PLATFORMS
  ruby

DEPENDENCIES
  bundler (~> 1.3)
  mocha
  pickwick-workers!
  pry
  rake
  shoulda-context
  simplecov
  turn
  vcr
  webmock
