PATH
  remote: .
  specs:
    pickwick-workers (0.0.1)
      faraday
      geocoder
      multi_json
      nokogiri
      oj
      puma
      rubyzip
      sidekiq
      sidekiq-cron
      sidekiq-failures
      sidekiq-limit_fetch
      sidekiq-throttler
      sinatra
      unicode_utils

GEM
  remote: https://rubygems.org/
  specs:
    activesupport (4.2.7.1)
      i18n (~> 0.7)
      json (~> 1.7, >= 1.7.7)
      minitest (~> 5.1)
      thread_safe (~> 0.3, >= 0.3.4)
      tzinfo (~> 1.1)
    addressable (2.3.5)
    ansi (1.5.0)
    builder (3.2.2)
    coderay (1.1.0)
    concurrent-ruby (1.0.4)
    connection_pool (2.2.1)
    crack (0.4.1)
      safe_yaml (~> 0.9.0)
    docile (1.1.1)
    faraday (0.9.0)
      multipart-post (>= 1.2, < 3)
    geocoder (1.1.9)
    i18n (0.8.0)
    json (1.8.6)
    metaclass (0.0.4)
    method_source (0.8.2)
    mini_portile (0.5.2)
    minitest (5.10.1)
    minitest-reporters (1.1.13)
      ansi
      builder
      minitest (>= 5.0)
      ruby-progressbar
    mocha (1.2.1)
      metaclass (~> 0.0.1)
    multi_json (1.12.1)
    multipart-post (2.0.0)
    nokogiri (1.6.1)
      mini_portile (~> 0.5.0)
    oj (2.5.3)
    pry (0.9.12.4)
      coderay (~> 1.0)
      method_source (~> 0.8)
      slop (~> 3.4)
    puma (2.4.0)
      rack (>= 1.1, < 2.0)
    rack (1.5.2)
    rack-protection (1.5.1)
      rack
    rake (12.0.0)
    redis (3.3.3)
    redis-namespace (1.5.2)
      redis (~> 3.0, >= 3.0.4)
    ruby-progressbar (1.8.1)
    rubyzip (1.1.0)
    rufus-scheduler (3.3.3)
      tzinfo
    safe_yaml (0.9.5)
    shoulda-context (1.2.2)
    sidekiq (4.2.9)
      concurrent-ruby (~> 1.0)
      connection_pool (~> 2.2, >= 2.2.0)
      rack-protection (>= 1.5.0)
      redis (~> 3.2, >= 3.2.1)
    sidekiq-cron (0.4.5)
      redis-namespace (>= 1.5.2)
      rufus-scheduler (>= 2.0.24)
      sidekiq (>= 4.2.1)
    sidekiq-failures (0.4.5)
      sidekiq (>= 2.16.0)
    sidekiq-limit_fetch (3.4.0)
      sidekiq (>= 4)
    sidekiq-throttler (0.5.1)
      activesupport
      sidekiq (>= 2.5, < 5.0)
    simplecov (0.8.2)
      docile (~> 1.1.0)
      multi_json
      simplecov-html (~> 0.8.0)
    simplecov-html (0.8.0)
    sinatra (1.4.4)
      rack (~> 1.4)
      rack-protection (~> 1.4)
      tilt (~> 1.3, >= 1.3.4)
    slop (3.4.7)
    thread_safe (0.3.5)
    tilt (1.4.1)
    turn (0.9.6)
      ansi
    tzinfo (1.2.2)
      thread_safe (~> 0.1)
    unicode_utils (1.4.0)
    vcr (2.8.0)
    webmock (1.13.0)
      addressable (>= 2.2.7)
      crack (>= 0.3.2)

PLATFORMS
  ruby

DEPENDENCIES
  bundler (~> 1.3)
  minitest
  minitest-reporters
  mocha
  pickwick-workers!
  pry
  rake
  shoulda-context
  simplecov
  turn
  vcr
  webmock

BUNDLED WITH
   1.14.3
